PATH
  remote: .
  specs:
    little_sax (0.0.1)

GEM
  remote: https://rubygems.org/
  specs:
    ast (2.3.0)
    minitest (5.10.3)
    parallel (1.11.2)
    parser (2.4.0.2)
      ast (~> 2.3)
    powerpack (0.1.1)
    rainbow (2.2.2)
      rake
    rake (10.5.0)
    rubocop (0.52.0)
      parallel (~> 1.10)
      parser (>= 2.4.0.2, < 3.0)
      powerpack (~> 0.1)
      rainbow (>= 2.2.2, < 4.0)
      ruby-progressbar (~> 1.7)
      unicode-display_width (~> 1.0, >= 1.0.1)
    ruby-progressbar (1.9.0)
    unicode-display_width (1.3.0)

PLATFORMS
  ruby

DEPENDENCIES
  bundler (~> 1.16)
  little_sax!
  minitest (~> 5.0)
  rake (~> 10.0)
  rubocop

BUNDLED WITH
   1.16.1
